GEM
  remote: http://rubygems.org/
  specs:
    ZURB-foundation (2.1.4)
      compass (>= 0.11.5)
    chunky_png (1.2.5)
    compass (0.11.7)
      chunky_png (~> 1.2)
      fssm (>= 0.2.7)
      sass (~> 3.1)
    fssm (0.2.8.1)
    sass (3.1.12)

PLATFORMS
  ruby

DEPENDENCIES
  ZURB-foundation (= 2.1.4)
